PATH
  remote: .
  specs:
    hacker_term (0.0.1)
      clipboard
      launchy
      rest-client

GEM
  remote: https://rubygems.org/
  specs:
    addressable (2.3.2)
    clipboard (1.0.1)
    launchy (2.1.2)
      addressable (~> 2.3)
    mime-types (1.19)
    rest-client (1.6.7)
      mime-types (>= 1.16)

PLATFORMS
  ruby

DEPENDENCIES
  hacker_term!
